GEM
  remote: http://rubygems.org/
  specs:
    ruby-git (0.2.2)

PLATFORMS
  ruby

DEPENDENCIES
  ruby-git
